PATH
  remote: bundler
  specs:
    dependabot-bundler (0.239.0)
      dependabot-common (= 0.239.0)

PATH
  remote: cargo
  specs:
    dependabot-cargo (0.239.0)
      dependabot-common (= 0.239.0)

PATH
  remote: common
  specs:
    dependabot-common (0.239.0)
      aws-sdk-codecommit (~> 1.28)
      aws-sdk-ecr (~> 1.5)
      bundler (>= 1.16, < 3.0.0)
      commonmarker (>= 0.20.1, < 0.24.0)
      docker_registry2 (~> 1.18.0)
      excon (~> 0.96, < 0.105)
      faraday (= 2.8.1)
      faraday-retry (= 2.2.0)
      gitlab (= 4.19.0)
      json (< 2.7)
      nokogiri (~> 1.8)
      octokit (>= 4.6, < 7.0)
      opentelemetry-sdk (~> 1.3)
      parser (>= 2.5, < 4.0)
      psych (~> 5.0)
      sorbet-runtime (~> 0.5.11026)
      toml-rb (>= 1.1.2, < 3.0)

PATH
  remote: composer
  specs:
    dependabot-composer (0.239.0)
      dependabot-common (= 0.239.0)

PATH
  remote: docker
  specs:
    dependabot-docker (0.239.0)
      dependabot-common (= 0.239.0)

PATH
  remote: elm
  specs:
    dependabot-elm (0.239.0)
      dependabot-common (= 0.239.0)

PATH
  remote: git_submodules
  specs:
    dependabot-git_submodules (0.239.0)
      dependabot-common (= 0.239.0)
      parseconfig (~> 1.0, < 1.1.0)

PATH
  remote: github_actions
  specs:
    dependabot-github_actions (0.239.0)
      dependabot-common (= 0.239.0)

PATH
  remote: go_modules
  specs:
    dependabot-go_modules (0.239.0)
      dependabot-common (= 0.239.0)

PATH
  remote: gradle
  specs:
    dependabot-gradle (0.239.0)
      dependabot-common (= 0.239.0)
      dependabot-maven (= 0.239.0)

PATH
  remote: hex
  specs:
    dependabot-hex (0.239.0)
      dependabot-common (= 0.239.0)

PATH
  remote: maven
  specs:
    dependabot-maven (0.239.0)
      dependabot-common (= 0.239.0)

PATH
  remote: npm_and_yarn
  specs:
    dependabot-npm_and_yarn (0.239.0)
      dependabot-common (= 0.239.0)

PATH
  remote: nuget
  specs:
    dependabot-nuget (0.239.0)
      dependabot-common (= 0.239.0)
      rubyzip (>= 2.3.2, < 3.0)

PATH
  remote: pub
  specs:
    dependabot-pub (0.239.0)
      dependabot-common (= 0.239.0)

PATH
  remote: python
  specs:
    dependabot-python (0.239.0)
      dependabot-common (= 0.239.0)

PATH
  remote: swift
  specs:
    dependabot-swift (0.239.0)
      dependabot-common (= 0.239.0)

PATH
  remote: terraform
  specs:
    dependabot-terraform (0.239.0)
      dependabot-common (= 0.239.0)

GEM
  remote: https://rubygems.org/
  specs:
    addressable (2.8.6)
      public_suffix (>= 2.0.2, < 6.0)
    ast (2.4.2)
    aws-eventstream (1.3.0)
    aws-partitions (1.877.0)
    aws-sdk-codecommit (1.63.0)
      aws-sdk-core (~> 3, >= 3.188.0)
      aws-sigv4 (~> 1.1)
    aws-sdk-core (3.190.1)
      aws-eventstream (~> 1, >= 1.3.0)
      aws-partitions (~> 1, >= 1.651.0)
      aws-sigv4 (~> 1.8)
      jmespath (~> 1, >= 1.6.1)
    aws-sdk-ecr (1.68.0)
      aws-sdk-core (~> 3, >= 3.188.0)
      aws-sigv4 (~> 1.1)
    aws-sigv4 (1.8.0)
      aws-eventstream (~> 1, >= 1.0.2)
    base64 (0.2.0)
    citrus (3.0.2)
    commonmarker (0.23.10)
    crack (0.4.5)
      rexml
    docker_registry2 (1.18.0)
      rest-client (>= 1.8.0)
    domain_name (0.6.20231109)
    erubi (1.12.0)
    excon (0.104.0)
    faraday (2.8.1)
      base64
      faraday-net_http (>= 2.0, < 3.1)
      ruby2_keywords (>= 0.0.4)
    faraday-net_http (3.0.2)
    faraday-retry (2.2.0)
      faraday (~> 2.0)
    gitlab (4.19.0)
      httparty (~> 0.20)
      terminal-table (>= 1.5.1)
    gpgme (2.0.23)
      mini_portile2 (~> 2.7)
    hashdiff (1.1.0)
    http-accept (1.7.0)
    http-cookie (1.0.5)
      domain_name (~> 0.5)
    httparty (0.21.0)
      mini_mime (>= 1.0.0)
      multi_xml (>= 0.5.2)
    jmespath (1.6.2)
    json (2.6.3)
    mime-types (3.5.2)
      mime-types-data (~> 3.2015)
    mime-types-data (3.2023.1205)
    mini_mime (1.1.5)
    mini_portile2 (2.8.5)
    multi_xml (0.6.0)
    netrc (0.11.0)
    nokogiri (1.16.0-arm64-darwin)
      racc (~> 1.4)
    nokogiri (1.16.0-x86_64-darwin)
      racc (~> 1.4)
    nokogiri (1.16.0-x86_64-linux)
      racc (~> 1.4)
    octokit (6.1.1)
      faraday (>= 1, < 3)
      sawyer (~> 0.9)
    opentelemetry-api (1.2.3)
    opentelemetry-common (0.20.0)
      opentelemetry-api (~> 1.0)
    opentelemetry-registry (0.3.0)
      opentelemetry-api (~> 1.1)
    opentelemetry-sdk (1.3.1)
      opentelemetry-api (~> 1.1)
      opentelemetry-common (~> 0.20)
      opentelemetry-registry (~> 0.2)
      opentelemetry-semantic_conventions
    opentelemetry-semantic_conventions (1.10.0)
      opentelemetry-api (~> 1.0)
    parallel (1.24.0)
    parseconfig (1.0.8)
    parser (3.2.2.4)
      ast (~> 2.4.1)
      racc
    prettier_print (1.2.1)
    prism (0.19.0)
    psych (5.1.2)
      stringio
    public_suffix (5.0.4)
    racc (1.7.3)
    rake (13.1.0)
    rbi (0.1.6)
      prism (>= 0.18.0, < 0.20)
      sorbet-runtime (>= 0.5.9204)
    rest-client (2.1.0)
      http-accept (>= 1.7.0, < 2.0)
      http-cookie (>= 1.0.2, < 2.0)
      mime-types (>= 1.16, < 4.0)
      netrc (~> 0.8)
    rexml (3.2.6)
    ruby2_keywords (0.0.5)
    rubyzip (2.3.2)
    sawyer (0.9.2)
      addressable (>= 2.3.5)
      faraday (>= 0.17.3, < 3)
    sorbet (0.5.11156)
      sorbet-static (= 0.5.11156)
    sorbet-runtime (0.5.11156)
    sorbet-static (0.5.11156-universal-darwin)
    sorbet-static (0.5.11156-x86_64-linux)
    sorbet-static-and-runtime (0.5.11156)
      sorbet (= 0.5.11156)
      sorbet-runtime (= 0.5.11156)
    spoom (1.2.4)
      erubi (>= 1.10.0)
      sorbet-static-and-runtime (>= 0.5.10187)
      syntax_tree (>= 6.1.1)
      thor (>= 0.19.2)
    stackprof (0.2.25)
    stringio (3.1.0)
    syntax_tree (6.2.0)
      prettier_print (>= 1.2.0)
    tapioca (0.11.14)
      bundler (>= 2.2.25)
      netrc (>= 0.11.0)
      parallel (>= 1.21.0)
      rbi (>= 0.1.4, < 0.2)
      sorbet-static-and-runtime (>= 0.5.10187)
      spoom (~> 1.2.0, >= 1.2.0)
      thor (>= 1.2.0)
      yard-sorbet
    terminal-table (3.0.2)
      unicode-display_width (>= 1.1.1, < 3)
    thor (1.3.0)
    toml-rb (2.2.0)
      citrus (~> 3.0, > 3.0)
    unicode-display_width (2.5.0)
    webmock (3.19.1)
      addressable (>= 2.8.0)
      crack (>= 0.3.2)
      hashdiff (>= 0.4.0, < 2.0.0)
    webrick (1.8.1)
    yard (0.9.34)
    yard-sorbet (0.8.1)
      sorbet-runtime (>= 0.5)
      yard (>= 0.9)

PLATFORMS
  arm64-darwin
  universal-darwin
  x86_64-darwin
  x86_64-linux

DEPENDENCIES
  dependabot-bundler!
  dependabot-cargo!
  dependabot-common!
  dependabot-composer!
  dependabot-docker!
  dependabot-elm!
  dependabot-git_submodules!
  dependabot-github_actions!
  dependabot-go_modules!
  dependabot-gradle!
  dependabot-hex!
  dependabot-maven!
  dependabot-npm_and_yarn!
  dependabot-nuget!
  dependabot-pub!
  dependabot-python!
  dependabot-swift!
  dependabot-terraform!
  gpgme (~> 2.0)
  rake (~> 13)
  sorbet (= 0.5.11156)
  stackprof (~> 0.2.16)
  tapioca (= 0.11.14)
  webmock (~> 3.18)
  webrick (>= 1.7)

BUNDLED WITH
   2.5.4
